PATH
  remote: .
  specs:
    commander (0.1.0)
      awesome_print
      nokogiri
      rye

GEM
  remote: https://rubygems.org/
  specs:
    annoy (0.5.6)
      highline (>= 1.5.0)
    awesome_print (1.1.0)
    diff-lcs (1.2.4)
    docile (1.0.2)
    drydock (0.6.9)
    highline (1.6.19)
    json (1.8.0)
    mini_portile (0.5.0)
    net-scp (1.1.1)
      net-ssh (>= 2.6.5)
    net-ssh (2.6.7)
    nokogiri (1.6.0)
      mini_portile (~> 0.5.0)
    rake (0.9.6)
    rdoc (3.12.2)
      json (~> 1.4)
    rspec (2.13.0)
      rspec-core (~> 2.13.0)
      rspec-expectations (~> 2.13.0)
      rspec-mocks (~> 2.13.0)
    rspec-core (2.13.1)
    rspec-expectations (2.13.0)
      diff-lcs (>= 1.1.3, < 2.0)
    rspec-mocks (2.13.1)
    rubygems-tasks (0.2.4)
    rye (0.9.8)
      annoy
      docile (>= 1.0.1)
      highline (>= 1.5.1)
      net-scp (>= 1.0.2)
      net-ssh (>= 2.0.13)
      sysinfo (>= 0.7.3)
    storable (0.8.9)
    sysinfo (0.8.0)
      drydock
      storable

PLATFORMS
  ruby

DEPENDENCIES
  bundler (~> 1.0)
  commander!
  rake (~> 0.8)
  rdoc (~> 3.0)
  rspec (~> 2.4)
  rubygems-tasks (~> 0.2)
